{
  "TaskName": "vep",
  "Manufacturer": "Brain Products GmbH",
  "PowerLineFrequency": 50,
  "SamplingFrequency": 250.0,
  "SoftwareFilters": {
    "BandpassFilter": {
      "lowFreq": 0.01,
      "highFreq": 200,
      "order": 4,
      "rolloff": "24 dB/octave",
      "type": "Butterworth",
      "phase": "zero-phase"
    },
    "NotchFilter": {
      "lowFreq": 49,
      "highFreq": 51,
      "order": 4,
      "rolloff": "24 dB/octave",
      "type": "Butterworth",
      "phase": "zero-phase"
    }
  },
  "RecordingDuration": 231.996,
  "RecordingType": "continuous",
  "EEGReference": "TP9/TP10 (linked mastoids, applied offline during preprocessing)",
  "EEGGround": "AFz",
  "EEGPlacementScheme": "10-20",
  "EEGChannelCount": 64,
  "EOGChannelCount": 0,
  "ECGChannelCount": 0,
  "EMGChannelCount": 0,
  "MiscChannelCount": 0,
  "TriggerChannelCount": 0,
  "TaskDescription": "Visual evoked potential, 50 ms LED flash, ISI 2-4 s, 30 trials/run (runs 04 & 11)",
  "InstitutionName": "Shenzhen University",
  "InstitutionalDepartmentName": "School of Biomedical Engineering, Health Science Center",
  "InstitutionAddress": "Shenzhen, Guangdong 518060, China",
  "ManufacturersModelName": "BrainAmp",
  "CapManufacturer": "Easycap",
  "CapManufacturersModelName": "64-channel Easycap",
  "StimulusPresentation": {
    "SoftwareName": "Psychtoolbox-3",
    "SoftwareVersion": "3.x (in Matlab 2018b)",
    "ScreenDistance": 100,
    "ScreenRefreshRate": 240,
    "ScreenResolution": [
      1920,
      1080
    ],
    "ScreenSize": 24.5,
    "AdditionalHardware": "Arduino Uno for sensory stimuli via serial port; Nokia WH-102 headphones; 3W LED with TES-1332A light meter; 1027 disk vibration motor"
  },
  "HardwareFilters": "n/a",
  "SoftwareVersions": "n/a",
  "DeviceSerialNumber": "n/a",
  "CogAtlasID": "n/a",
  "CogPOID": "n/a",
  "MISCChannelCount": 0,
  "PreprocessingSoftware": "Matlab 2018b with Letswave7 (letswave.cn)",
  "SubjectArtefactDescription": "Bad channels identified manually and interpolated with the mean of three surrounding channels (22 subjects had bad channels). Eye blink and eye movement artifacts removed by ICA \u2014 components identified by visual inspection of scalp topographies, time courses, and spectra (Huang et al., 2020). No bad epoch rejection.",
  "EpochLength": 4.0,
  "NumberOfEpochs": 58,
  "SourceSamplingFrequency": 1000,
  "OriginalTaskCode": 3,
  "Paradigm": "transient-state",
  "StimulusDescription": "3 W LED (TES-1332A measured), 2 cm diameter circular shield, 45 cm from eyes, 1074 Lux mean intensity, 50 ms duration; delivered via Arduino Uno",
  "Note": "This file contains pseudo-continuous EEG reconstructed by concatenating pre-epoched 4-second segments from the M3CV competition dataset. The original continuous BrainVision recordings are not publicly available. Data was preprocessed (filtered, ICA-cleaned, re-referenced, downsampled) before distribution.",
  "Instructions": "Remain still. Visual, auditory, and somatosensory stimuli will be presented in random order.",
  "OriginalTriggerCode": "S 3",
  "ExpectedEpochCount": 60
}
