{
  "TaskName": "p300",
  "Manufacturer": "Brain Products GmbH",
  "PowerLineFrequency": 50,
  "SamplingFrequency": 250.0,
  "SoftwareFilters": {
    "BandpassFilter": {
      "lowFreq": 0.01,
      "highFreq": 200,
      "order": 4,
      "rolloff": "24 dB/octave",
      "type": "Butterworth",
      "phase": "zero-phase"
    },
    "NotchFilter": {
      "lowFreq": 49,
      "highFreq": 51,
      "order": 4,
      "rolloff": "24 dB/octave",
      "type": "Butterworth",
      "phase": "zero-phase"
    }
  },
  "RecordingDuration": 119.996,
  "RecordingType": "continuous",
  "EEGReference": "TP9/TP10 (linked mastoids, applied offline during preprocessing)",
  "EEGGround": "AFz",
  "EEGPlacementScheme": "10-20",
  "EEGChannelCount": 64,
  "EOGChannelCount": 0,
  "ECGChannelCount": 0,
  "EMGChannelCount": 0,
  "MiscChannelCount": 0,
  "TriggerChannelCount": 0,
  "TaskDescription": "P300 visual oddball \u2014 target only (30 target / 600 total), 80 ms, ISI 200 ms (run 07). Nontarget P300 epochs (570 trials) not distributed.",
  "InstitutionName": "Shenzhen University",
  "InstitutionalDepartmentName": "School of Biomedical Engineering, Health Science Center",
  "InstitutionAddress": "Shenzhen, Guangdong 518060, China",
  "ManufacturersModelName": "BrainAmp",
  "CapManufacturer": "Easycap",
  "CapManufacturersModelName": "64-channel Easycap",
  "StimulusPresentation": {
    "SoftwareName": "Psychtoolbox-3",
    "SoftwareVersion": "3.x (in Matlab 2018b)",
    "ScreenDistance": 100,
    "ScreenRefreshRate": 240,
    "ScreenResolution": [
      1920,
      1080
    ],
    "ScreenSize": 24.5,
    "AdditionalHardware": "Arduino Uno for sensory stimuli via serial port; Nokia WH-102 headphones; 3W LED with TES-1332A light meter; 1027 disk vibration motor"
  },
  "HardwareFilters": "n/a",
  "SoftwareVersions": "n/a",
  "DeviceSerialNumber": "n/a",
  "CogAtlasID": "n/a",
  "CogPOID": "n/a",
  "MISCChannelCount": 0,
  "PreprocessingSoftware": "Matlab 2018b with Letswave7 (letswave.cn)",
  "SubjectArtefactDescription": "Bad channels identified manually and interpolated with the mean of three surrounding channels (22 subjects had bad channels). Eye blink and eye movement artifacts removed by ICA \u2014 components identified by visual inspection of scalp topographies, time courses, and spectra (Huang et al., 2020). No bad epoch rejection.",
  "EpochLength": 4.0,
  "NumberOfEpochs": 30,
  "SourceSamplingFrequency": 1000,
  "OriginalTaskCode": 9,
  "Paradigm": "cognitive-oddball",
  "StimulusDescription": "Red square (target) and white square (nontarget) on black background, 300x300 pixels, 80 ms duration, ISI 200 ms, 5% target probability; subjects counted red squares; presented via Psychtoolbox-3",
  "Note": "This file contains pseudo-continuous EEG reconstructed by concatenating pre-epoched 4-second segments from the M3CV competition dataset. The original continuous BrainVision recordings are not publicly available. Data was preprocessed (filtered, ICA-cleaned, re-referenced, downsampled) before distribution.",
  "Instructions": "Count the number of red squares and report the count after the run.",
  "OriginalTriggerCode": "S 9 (target); S 10 was nontarget (not distributed)",
  "P300Note": "Only target trials (30 per session) are included. The 570 nontarget trials per session were discarded before distribution.",
  "ExpectedEpochCount": 30
}
